GEM
  remote: https://rubygems.org/
  specs:
    active_hash (2.0.0)
      activesupport (>= 2.2.2)
    activesupport (5.2.1)
      concurrent-ruby (~> 1.0, >= 1.0.2)
      i18n (>= 0.7, < 2)
      minitest (~> 5.1)
      tzinfo (~> 1.1)
    concurrent-ruby (1.0.5)
    i18n (1.1.0)
      concurrent-ruby (~> 1.0)
    minitest (5.11.3)
    mustermann (1.0.2)
    rack (2.0.5)
    rack-protection (2.0.3)
      rack
    sinatra (2.0.3)
      mustermann (~> 1.0)
      rack (~> 2.0)
      rack-protection (= 2.0.3)
      tilt (~> 2.0)
    thread_safe (0.3.6)
    tilt (2.0.8)
    tzinfo (1.2.5)
      thread_safe (~> 0.1)

PLATFORMS
  ruby

DEPENDENCIES
  active_hash
  sinatra

BUNDLED WITH
   1.16.3
